GEM
  remote: https://rubygems.org/
  specs:
    addressable (2.3.6)
    chunky_png (1.3.3)
    colored (1.2)
    compass (1.0.1)
      chunky_png (~> 1.2)
      compass-core (~> 1.0.1)
      compass-import-once (~> 1.0.5)
      rb-fsevent (>= 0.9.3)
      rb-inotify (>= 0.9)
      sass (>= 3.3.13, < 3.5)
    compass-core (1.0.1)
      multi_json (~> 1.0)
      sass (>= 3.3.0, < 3.5)
    compass-import-once (1.0.5)
      sass (>= 3.2, < 3.5)
    ethon (0.7.2)
      ffi (>= 1.3.0)
    ffi (1.9.6)
    html-proofer (2.0.2)
      addressable (~> 2.3)
      colored (~> 1.2)
      mercenary (~> 0.3.2)
      nokogiri (~> 1.5)
      parallel (~> 1.3)
      typhoeus (~> 0.6.7)
      yell (~> 2.0)
    mercenary (0.3.5)
    mini_portile (0.6.2)
    multi_json (1.10.1)
    nokogiri (1.6.6.2)
      mini_portile (~> 0.6.0)
    parallel (1.3.3)
    rb-fsevent (0.9.4)
    rb-inotify (0.9.5)
      ffi (>= 0.5.0)
    sass (3.4.9)
    typhoeus (0.6.9)
      ethon (>= 0.7.1)
    yell (2.0.5)

PLATFORMS
  ruby

DEPENDENCIES
  compass (~> 1.0.1)
  html-proofer (~> 2.0.2)
  sass (~> 3.4.9)
